GEM
  remote: https://rubygems.org/
  specs:
    ruby-xslt (0.9.9)
    webrick (1.3.1)

PLATFORMS
  ruby

DEPENDENCIES
  ruby-xslt
  webrick
